GEM
  remote: http://rubygems.org/
  specs:
    builder (3.0.0)
    colored (1.2)
    cri (2.3.0)
      colored (>= 1.2)
    mime-types (1.19)
    nanoc (3.4.0)
      cri (~> 2.2)
    rack (1.4.1)
    systemu (2.5.2)

PLATFORMS
  ruby

DEPENDENCIES
  builder
  mime-types
  nanoc
  rack
  systemu
